STORAGE: NONE
RESTRICTION: == net461
NUGET
  remote: https://api.nuget.org/v3/index.json
    FSharp.Core (4.2.3)
    HtmlAgilityPack (1.11.24)
    Microsoft.AspNet.Mvc (4.0.30506)
      Microsoft.AspNet.Razor (>= 2.0.20710)
      Microsoft.AspNet.WebPages (>= 2.0.20710)
    Microsoft.AspNet.Razor (3.2.7)
    Microsoft.AspNet.WebPages (3.2.7)
      Microsoft.AspNet.Razor (>= 3.2.7 < 3.3)
      Microsoft.Web.Infrastructure (>= 1.0)
    Microsoft.Web.Infrastructure (1.0)
  remote: https://daily.websharper.com/nuget
    WebSharper (4.6.4.404)
      FSharp.Core (>= 4.2.3)
    WebSharper.CSharp (4.6.4.404)
      WebSharper (4.6.4.404)
    WebSharper.FSharp (4.6.4.404)
      WebSharper (4.6.4.404)
    WebSharper.UI (4.6.3.217)
      HtmlAgilityPack (>= 1.7.1)
      WebSharper (>= 4.6.4 < 4.7)
    WebSharper.UI.CSharp (4.6.3.217)
      WebSharper (>= 4.6.4 < 4.7)
      WebSharper.UI (4.6.3.217)

GROUP build
RESTRICTION: == net45
NUGET
  remote: https://api.nuget.org/v3/index.json
    Chessie (0.6)
      FSharp.Core
    FAKE (5.16)
    FSharp.Compiler.Tools (10.2.3)
    FSharp.Core (4.7.2)
    Mono.Cecil (0.11.2)
    Newtonsoft.Json (12.0.3)
    Paket.Core (5.141)
      Chessie (>= 0.6)
      FSharp.Compiler.Tools
      FSharp.Core
      Mono.Cecil (>= 0.10.0-beta6)
      Newtonsoft.Json

GROUP test
RESTRICTION: == net461
NUGET
  remote: https://api.nuget.org/v3/index.json
    Antlr (3.4.1.9004)
    bootstrap (3.0)
      jQuery (>= 1.9)
    jQuery (1.10.2)
    jQuery.Validation (1.11.1)
      jQuery (>= 1.4.4)
    Microsoft.ApplicationInsights (2.2)
    Microsoft.ApplicationInsights.Agent.Intercept (2.0.6)
    Microsoft.ApplicationInsights.DependencyCollector (2.2)
      Microsoft.ApplicationInsights (2.2)
      Microsoft.ApplicationInsights.Agent.Intercept (>= 2.0.6)
    Microsoft.ApplicationInsights.PerfCounterCollector (2.2)
      Microsoft.ApplicationInsights (2.2)
    Microsoft.ApplicationInsights.Web (2.2)
      Microsoft.ApplicationInsights (2.2)
      Microsoft.ApplicationInsights.WindowsServer (>= 2.2)
    Microsoft.ApplicationInsights.WindowsServer (2.2)
      Microsoft.ApplicationInsights (2.2)
      Microsoft.ApplicationInsights.DependencyCollector (>= 2.2)
      Microsoft.ApplicationInsights.PerfCounterCollector (>= 2.2)
      Microsoft.ApplicationInsights.WindowsServer.TelemetryChannel (2.2)
    Microsoft.ApplicationInsights.WindowsServer.TelemetryChannel (2.2)
      Microsoft.ApplicationInsights (2.2)
    Microsoft.AspNet.Mvc (5.2.3)
      Microsoft.AspNet.Razor (>= 3.2.3 < 3.3)
      Microsoft.AspNet.WebPages (>= 3.2.3 < 3.3)
    Microsoft.AspNet.Razor (3.2.3)
    Microsoft.AspNet.Web.Optimization (1.1.3)
      Microsoft.Web.Infrastructure (>= 1.0)
      WebGrease (>= 1.5.2)
    Microsoft.AspNet.WebPages (3.2.3)
      Microsoft.AspNet.Razor (>= 3.2.3 < 3.3)
      Microsoft.Web.Infrastructure (>= 1.0)
    Microsoft.CodeDom.Providers.DotNetCompilerPlatform (1.0.8)
      Microsoft.Net.Compilers (>= 2.4)
    Microsoft.jQuery.Unobtrusive.Validation (3.2.3)
      jQuery (>= 1.8)
      jQuery.Validation (>= 1.8.0.1)
    Microsoft.Net.Compilers (2.4)
    Microsoft.Web.Infrastructure (1.0)
    Modernizr (2.6.2)
    Newtonsoft.Json (6.0.4)
    Respond (1.2)
    WebGrease (1.5.2)
      Antlr (>= 3.4.1.9004)
      Newtonsoft.Json (>= 5.0.4)

GROUP wsbuild

GIT
  remote: https://github.com/dotnet-websharper/build-script
     (90eb54d1b2a21f568f22409b47814a7cf215900d)